GEM
  remote: https://rubygems.org/
  specs:
    get_process_mem (0.2.0)
    inifile (3.0.0)
    minitar (0.5.4)

PLATFORMS
  ruby

DEPENDENCIES
  get_process_mem
  inifile
  minitar
